GEM
  remote: https://rubygems.org/
  specs:
    crxmake (2.1.2)
      zip (~> 2.0.2)
    rake (10.1.0)
    zip (2.0.2)

PLATFORMS
  ruby

DEPENDENCIES
  crxmake
  rake
